GEM
  remote: https://rubygems.org/
  specs:
    ast (2.0.0)
    json (1.8.1)
    parser (2.2.0.pre.5)
      ast (>= 1.1, < 3.0)
      slop (~> 3.4, >= 3.4.5)
    powerpack (0.0.9)
    rainbow (2.0.0)
    rake (10.3.2)
    rubocop (0.24.0)
      json (>= 1.7.7, < 2)
      parser (>= 2.2.0.pre.2, < 3.0)
      powerpack (~> 0.0.6)
      rainbow (>= 1.99.1, < 3.0)
      ruby-progressbar (~> 1.4)
    ruby-progressbar (1.6.0)
    slop (3.6.0)

PLATFORMS
  ruby

DEPENDENCIES
  rainbow (= 2.0.0)
  rake (= 10.3.2)
  rubocop (= 0.24.0)
